PATH
  remote: .
  specs:
    sidekiq-kubernetes-probes (1.0.0)

GEM
  remote: https://rubygems.org/
  specs:
    rake (12.3.3)

PLATFORMS
  ruby

DEPENDENCIES
  rake (~> 12.0)
  sidekiq-kubernetes-probes!

BUNDLED WITH
   2.1.4
